GEM
  remote: https://rubygems.org/
  specs:
    activesupport (4.2.10)
      i18n (~> 0.7)
      minitest (~> 5.1)
      thread_safe (~> 0.3, >= 0.3.4)
      tzinfo (~> 1.1)
    aws-sdk (2.10.70)
      aws-sdk-resources (= 2.10.70)
    aws-sdk-core (2.10.70)
      aws-sigv4 (~> 1.0)
      jmespath (~> 1.0)
    aws-sdk-resources (2.10.70)
      aws-sdk-core (= 2.10.70)
    aws-sigv4 (1.0.2)
    concurrent-ruby (1.0.5)
    i18n (0.9.0)
      concurrent-ruby (~> 1.0)
    jmespath (1.3.1)
    json (1.8.6)
    lambda_wrap (1.0.2)
      activesupport (~> 4)
      aws-sdk (~> 2)
    minitest (5.10.3)
    rake (12.1.0)
    rubyzip (1.2.1)
    thread_safe (0.3.6)
    tzinfo (1.2.3)
      thread_safe (~> 0.1)

PLATFORMS
  x86-mingw32

DEPENDENCIES
  activesupport (~> 4.2, >= 4.2.8)!
  aws-sdk (~> 2)!
  json (~> 1)!
  lambda_wrap (~> 1)!
  rake!
  rubyzip!

BUNDLED WITH
   1.15.4
